GEM
  remote: http://rubygems.org/
  specs:
    addressable (2.3.2)
    childprocess (0.3.6)
      ffi (~> 1.0, >= 1.0.6)
    chunky_png (1.2.6)
    compass (0.12.2)
      chunky_png (~> 1.2)
      fssm (>= 0.2.7)
      sass (~> 3.1)
    diff-lcs (1.1.3)
    ffi (1.2.0)
    fssm (0.2.9)
    jasmine (1.3.1)
      jasmine-core (~> 1.3.1)
      rack (~> 1.0)
      rspec (>= 1.3.1)
      selenium-webdriver (>= 0.1.3)
    jasmine-core (1.3.1)
    json (1.7.5)
    libwebsocket (0.1.7.1)
      addressable
      websocket
    multi_json (1.5.0)
    rack (1.4.1)
    rake (10.0.3)
    rspec (2.12.0)
      rspec-core (~> 2.12.0)
      rspec-expectations (~> 2.12.0)
      rspec-mocks (~> 2.12.0)
    rspec-core (2.12.2)
    rspec-expectations (2.12.1)
      diff-lcs (~> 1.1.3)
    rspec-mocks (2.12.0)
    rubyzip (0.9.9)
    sass (3.2.3)
    selenium-webdriver (2.27.2)
      childprocess (>= 0.2.5)
      libwebsocket (~> 0.1.3)
      multi_json (~> 1.0)
      rubyzip
    susy (1.0.5)
      compass (>= 0.12.2)
      sass (>= 3.2.0)
    websocket (1.0.4)

PLATFORMS
  ruby

DEPENDENCIES
  jasmine
  json
  rake
  susy
